GIT
  remote: git://github.com/ginkel/reveal-ck.git
  revision: 9c15873ffaea01a8157115e993fc89784dd489c8
  branch: asciidoctor
  submodules: true
  specs:
    reveal-ck (3.3.0)
      asciidoctor (= 1.5.3)
      docile (= 1.1.5)
      gemoji (= 2.1.0)
      gli (= 2.13.2)
      guard (= 2.13.0)
      guard-livereload (= 2.4.0)
      haml (= 4.0.7)
      html-pipeline (= 2.1.0)
      listen (= 3.0.3)
      rack (= 1.6.4)
      rack-livereload (= 0.3.16)
      rake (= 10.4.2)
      redcarpet (= 3.3.2)
      rinku (= 1.7.3)
      slim (= 2.1.0)
      tilt (= 2.0.1)

GEM
  remote: https://rubygems.org/
  specs:
    activesupport (4.2.6)
      i18n (~> 0.7)
      json (~> 1.7, >= 1.7.7)
      minitest (~> 5.1)
      thread_safe (~> 0.3, >= 0.3.4)
      tzinfo (~> 1.1)
    asciidoctor (1.5.3)
    coderay (1.1.1)
    docile (1.1.5)
    em-websocket (0.5.1)
      eventmachine (>= 0.12.9)
      http_parser.rb (~> 0.6.0)
    eventmachine (1.2.0.1)
    ffi (1.9.10)
    formatador (0.2.5)
    gemoji (2.1.0)
    gli (2.13.2)
    guard (2.13.0)
      formatador (>= 0.2.4)
      listen (>= 2.7, <= 4.0)
      lumberjack (~> 1.0)
      nenv (~> 0.1)
      notiffany (~> 0.0)
      pry (>= 0.9.12)
      shellany (~> 0.0)
      thor (>= 0.18.1)
    guard-livereload (2.4.0)
      em-websocket (~> 0.5)
      guard (~> 2.8)
      multi_json (~> 1.8)
    haml (4.0.7)
      tilt
    html-pipeline (2.1.0)
      activesupport (>= 2, < 5)
      nokogiri (>= 1.4, <= 1.6.5)
    http_parser.rb (0.6.0)
    i18n (0.7.0)
    json (1.8.3)
    listen (3.0.3)
      rb-fsevent (>= 0.9.3)
      rb-inotify (>= 0.9)
    lumberjack (1.0.10)
    method_source (0.8.2)
    mini_portile (0.6.2)
    minitest (5.9.0)
    multi_json (1.12.1)
    nenv (0.3.0)
    nokogiri (1.6.5)
      mini_portile (~> 0.6.0)
    notiffany (0.1.0)
      nenv (~> 0.1)
      shellany (~> 0.0)
    posix-spawn (0.3.11)
    pry (0.10.3)
      coderay (~> 1.1.0)
      method_source (~> 0.8.1)
      slop (~> 3.4)
    puma (3.4.0)
    pygments.rb (0.6.3)
      posix-spawn (~> 0.3.6)
      yajl-ruby (~> 1.2.0)
    rack (1.6.4)
    rack-livereload (0.3.16)
      rack
    rake (10.4.2)
    rb-fsevent (0.9.7)
    rb-inotify (0.9.7)
      ffi (>= 0.5.0)
    redcarpet (3.3.2)
    rinku (1.7.3)
    shellany (0.0.1)
    slim (2.1.0)
      temple (~> 0.6.9)
      tilt (>= 1.3.3, < 2.1)
    slop (3.6.0)
    temple (0.6.10)
    thor (0.19.1)
    thread_safe (0.3.5)
    tilt (2.0.1)
    tzinfo (1.2.2)
      thread_safe (~> 0.1)
    yajl-ruby (1.2.1)

PLATFORMS
  ruby

DEPENDENCIES
  puma
  pygments.rb
  reveal-ck!

RUBY VERSION
   ruby 2.2.5p319

BUNDLED WITH
   1.12.5
